{
  "PowerLineFrequency": 50,
  "SoftwareFilters": {
    "FilterDescription": {
      "Description": "0.1 Hz-100Hz"
    }
  },
  "HardwareFilters": {
    "FilterDescription": {
      "Description": "0-20000Hz"
    }
  },
  "SoftwareVersions": "n/a",
  "DeviceSerialNumber": "n/a",
  "ManufacturersModelName": "Neuroscan",
  "Manufacturer": "Neuroscan",
  "EEGPlacementScheme": "10-20",
  "EEGGround": "GND",
  "EEGReference": "REF",
  "CapManufacturersModelName": "64 channel",
  "CapManufacturer": "Neuroscan",
  "InstitutionAddress": "Beijing,China",
  "InstitutionalDepartmentName": "Center for Computational Biology",
  "InstitutionName": "Beiling Institute of Basic Medical Sciences",
  "CogPOID": "Visual lmagery",
  "CogAtlasID": "Visual lmagery",
  "TaskName": "PerceiveImagine",
  "EEGChannelCount": 64,
  "TriggerChannelCount": 1,
  "RecordingType": "continuous",
  "RecordingDuration": 4927.9,
  "SamplingFrequency": 1000,
  "Manufacturer": "Neuroscan",
  "ManufacturerModelName": "Neuroscan",
  "SoftwareVersions": "n/a",
  "DeviceSerialNumber": "n/a",
  "EEGPlacementScheme": "10-20",
  "EEGGround": "GND",
  "EEGReference": "REF",
  "CapManufacturersModelName": "64 channel",
  "CapManufacturer": "Neuroscan",
  "InstitutionAddress": "Beijing,China",
  "InstitutionalDepartmentName": "Center for Computational Biology",
  "InstitutionName": "Beiling Institute of Basic Medical Sciences",
  "CogPOID": "Visual lmagery",
  "CogAtlasID": "Visual lmagery",
  "TaskName": "PerceiveImagine",
  "EEGChannelCount": 64,
  "RecordingType": "continuous",
  "RecordingDuration": 4927.9,
  "SamplingFrequency": 1000,
  "CoilType": "EEG",
  "CoilSerialNumber": "n/a",
  "CoilID": "n/a",
  "CoilLocation": [0.0, 0.0, 0.0],
  "CoilLocationUnits": "m",
  "CoilLocationCoordinateSystem": "MNI",
  "CoilLocationCoordinateSystemVersion": "1.0",
  "CoilLocationCoordinateSystemDescription": "Montreal Neurological Institute",
  "CoilLocationCoordinateSystemDescriptionVersion": "1.0"
}
